PATH
  remote: .
  specs:
    cucumber-puppet (0.3.7)
      cucumber
      gem-man
      templater

GEM
  remote: https://rubygems.org/
  specs:
    builder (3.0.0)
    cucumber (1.0.2)
      builder (>= 2.1.2)
      diff-lcs (>= 1.1.2)
      gherkin (~> 2.4.5)
      json (>= 1.4.6)
      term-ansicolor (>= 1.0.5)
    diff-lcs (1.1.3)
    extlib (0.9.15)
    facter (1.5.9)
    ffi (1.0.9)
    gem-man (0.3.0)
    gherkin (2.4.18)
      json (>= 1.4.6)
    guard (0.6.3)
      thor (~> 0.14.6)
    guard-cucumber (0.6.2)
      cucumber (>= 0.10)
      guard (>= 0.4.0)
    guard-rspec (0.4.4)
      guard (>= 0.4.0)
    highline (1.6.2)
    hpricot (0.8.4)
    json (1.5.4)
    libnotify (0.5.7)
    mustache (0.99.4)
    puppet (2.7.3)
      facter (>= 1.5.1)
    rb-inotify (0.8.6)
      ffi (>= 0.5.0)
    rdiscount (1.6.8)
    ronn (0.7.3)
      hpricot (>= 0.8.2)
      mustache (>= 0.7.0)
      rdiscount (>= 1.5.8)
    rspec (2.6.0)
      rspec-core (~> 2.6.0)
      rspec-expectations (~> 2.6.0)
      rspec-mocks (~> 2.6.0)
    rspec-core (2.6.4)
    rspec-expectations (2.6.0)
      diff-lcs (~> 1.1.2)
    rspec-mocks (2.6.0)
    templater (1.0.0)
      diff-lcs (>= 1.1.2)
      extlib (>= 0.9.5)
      highline (>= 1.4.0)
    term-ansicolor (1.0.6)
    thor (0.14.6)

PLATFORMS
  ruby

DEPENDENCIES
  cucumber-puppet!
  facter (= 1.5.9)
  guard-cucumber
  guard-rspec
  libnotify
  puppet
  rb-inotify
  ronn
  rspec
